GEM
  remote: https://rubygems.org/
  specs:
    ast (2.4.2)
    base64 (0.2.0)
    docile (1.4.0)
    mustermann (3.0.0)
      ruby2_keywords (~> 0.0.1)
    parser (3.2.2.4)
      ast (~> 2.4.1)
      racc
    power_assert (2.0.3)
    racc (1.8.0)
    rack (3.1.7)
    rack-protection (4.0.0)
      base64 (>= 0.1.0)
      rack (>= 3.0.0, < 4)
    rack-session (2.0.0)
      rack (>= 3.0.0)
    rack-test (2.1.0)
      rack (>= 1.3)
    rake (13.2.1)
    rexml (3.3.1)
      strscan
    ruby2_keywords (0.0.5)
    simplecov (0.22.0)
      docile (~> 1.1)
      simplecov-html (~> 0.11)
      simplecov_json_formatter (~> 0.1)
    simplecov-cobertura (2.1.0)
      rexml
      simplecov (~> 0.19)
    simplecov-html (0.12.3)
    simplecov_json_formatter (0.1.4)
    sinatra (4.0.0)
      mustermann (~> 3.0)
      rack (>= 3.0.0, < 4)
      rack-protection (= 4.0.0)
      rack-session (>= 2.0.0, < 3)
      tilt (~> 2.0)
    strscan (3.1.0)
    test-unit (3.6.2)
      power_assert
    tilt (2.4.0)

PLATFORMS
  aarch64-linux-musl
  arm64-darwin-23
  x86_64-linux

DEPENDENCIES
  parser (~> 3.2.2)
  rack-test
  rake
  simplecov
  simplecov-cobertura
  sinatra
  test-unit

RUBY VERSION
   ruby 3.2.2p53

BUNDLED WITH
   2.4.10
