GEM
  remote: https://rubygems.org/
  specs:
    ast (2.4.2)
    base64 (0.2.0)
    docile (1.4.0)
    mustermann (3.0.0)
      ruby2_keywords (~> 0.0.1)
    parser (3.2.2.4)
      ast (~> 2.4.1)
      racc
    racc (1.8.0)
    rack (3.1.7)
    rack-protection (4.0.0)
      base64 (>= 0.1.0)
      rack (>= 3.0.0, < 4)
    rack-session (2.0.0)
      rack (>= 3.0.0)
    ruby2_keywords (0.0.5)
    simplecov (0.22.0)
      docile (~> 1.1)
      simplecov-html (~> 0.11)
      simplecov_json_formatter (~> 0.1)
    simplecov-html (0.12.3)
    simplecov_json_formatter (0.1.4)
    sinatra (4.0.0)
      mustermann (~> 3.0)
      rack (>= 3.0.0, < 4)
      rack-protection (= 4.0.0)
      rack-session (>= 2.0.0, < 3)
      tilt (~> 2.0)
    tilt (2.4.0)

PLATFORMS
  aarch64-linux-musl
  x86_64-linux

DEPENDENCIES
  parser (~> 3.2.2)
  simplecov
  sinatra

RUBY VERSION
   ruby 3.2.2p53

BUNDLED WITH
   2.4.10
